GEM
  remote: https://rubygems.org/
  specs:
    evernote (1.2.1)
      thrift_client (>= 0.8.1)
    json (1.8.1)
    rack (1.6.4)
    rack-protection (1.5.3)
      rack
    sinatra (1.4.6)
      rack (~> 1.4)
      rack-protection (~> 1.4)
      tilt (>= 1.3, < 3)
    thrift (0.9.3.0)
    thrift_client (0.9.3)
      thrift (~> 0.9.0)
    tilt (2.0.1)

PLATFORMS
  ruby

DEPENDENCIES
  evernote
  json
  sinatra
